PATH
  remote: .
  specs:
    email_signature_parser (0.1.1)
      facets (~> 3.1)
      mail (~> 2.5)
      ox (~> 2.14)
      phone (~> 1.2.3)
      public_suffix (~> 5.0)
      ruby_postal (~> 1.0)

GEM
  remote: https://rubygems.org/
  specs:
    benchmark-malloc (0.2.0)
    benchmark-perf (0.6.0)
    benchmark-trend (0.4.0)
    bigdecimal (3.2.3)
    coderay (1.1.3)
    date (3.4.1)
    diff-lcs (1.6.2)
    facets (3.1.0)
    ffi (1.17.2-x86_64-linux-gnu)
    listen (3.9.0)
      rb-fsevent (~> 0.10, >= 0.10.3)
      rb-inotify (~> 0.9, >= 0.9.10)
    mail (2.8.1)
      mini_mime (>= 0.1.1)
      net-imap
      net-pop
      net-smtp
    method_source (1.1.0)
    mini_mime (1.1.5)
    net-imap (0.5.10)
      date
      net-protocol
    net-pop (0.1.2)
      net-protocol
    net-protocol (0.2.2)
      timeout
    net-smtp (0.5.1)
      net-protocol
    ox (2.14.23)
      bigdecimal (>= 3.0)
    phone (1.2.3)
    pry (0.15.2)
      coderay (~> 1.1)
      method_source (~> 1.0)
    public_suffix (5.1.1)
    rake (13.3.0)
    rb-fsevent (0.11.2)
    rb-inotify (0.11.1)
      ffi (~> 1.0)
    rspec (3.13.1)
      rspec-core (~> 3.13.0)
      rspec-expectations (~> 3.13.0)
      rspec-mocks (~> 3.13.0)
    rspec-benchmark (0.6.0)
      benchmark-malloc (~> 0.2)
      benchmark-perf (~> 0.6)
      benchmark-trend (~> 0.4)
      rspec (>= 3.0)
    rspec-core (3.13.5)
      rspec-support (~> 3.13.0)
    rspec-expectations (3.13.5)
      diff-lcs (>= 1.2.0, < 2.0)
      rspec-support (~> 3.13.0)
    rspec-mocks (3.13.5)
      diff-lcs (>= 1.2.0, < 2.0)
      rspec-support (~> 3.13.0)
    rspec-support (3.13.6)
    ruby_postal (1.0.1)
    timeout (0.4.3)

PLATFORMS
  x86_64-linux

DEPENDENCIES
  bundler (~> 2.0)
  email_signature_parser!
  facets (~> 3.1.0)
  listen (~> 3.0)
  mail (~> 2.8.1)
  ox (~> 2.14)
  phone (~> 1.2.3)
  pry
  public_suffix (~> 5.0)
  rake (~> 13.0)
  rspec (~> 3.0)
  rspec-benchmark
  ruby_postal (~> 1.0)

BUNDLED WITH
   2.4.14
